GEM
  remote: https://rubygems.org/
  specs:
    awesome_print (1.8.0)
    connection_pool (2.2.2)
    dotenv (2.7.2)
    faraday (0.15.4)
      multipart-post (>= 1.2, < 3)
    multipart-post (2.1.1)
    mustermann (2.0.2)
      ruby2_keywords (~> 0.0.1)
    net-http-persistent (3.0.1)
      connection_pool (~> 2.2)
    rack (2.2.4)
    rack-protection (2.2.3)
      rack
    ruby2_keywords (0.0.5)
    sinatra (2.2.3)
      mustermann (~> 2.0)
      rack (~> 2.2)
      rack-protection (= 2.2.3)
      tilt (~> 2.0)
    stripe (4.18.1)
      faraday (~> 0.13)
      net-http-persistent (~> 3.0)
    tilt (2.0.11)

PLATFORMS
  ruby

DEPENDENCIES
  awesome_print
  dotenv
  sinatra
  stripe

BUNDLED WITH
   1.17.3
